GEM
  remote: http://rubygems.org/
  specs:
    ZURB-foundation (2.1.4)
      compass (>= 0.11.5)
    albino (1.3.3)
      posix-spawn (>= 0.3.6)
    chunky_png (1.2.5)
    classifier (1.3.3)
      fast-stemmer (>= 1.0.0)
    compass (0.11.6)
      chunky_png (~> 1.2)
      fssm (>= 0.2.7)
      sass (~> 3.1)
    directory_watcher (1.4.1)
    fast-stemmer (1.0.0)
    ffi (1.0.11)
    foreman (0.30.1)
      term-ansicolor (~> 1.0.5)
      thor (>= 0.13.6)
    fssm (0.2.7)
    jekyll (0.11.0)
      albino (>= 1.3.2)
      classifier (>= 1.3.1)
      directory_watcher (>= 1.1.1)
      kramdown (>= 0.13.2)
      liquid (>= 1.9.0)
      maruku (>= 0.5.9)
    kramdown (0.13.3)
    liquid (2.3.0)
    maruku (0.6.0)
      syntax (>= 1.0.0)
    posix-spawn (0.3.6)
    rack (1.3.5)
    rack-contrib (1.1.0)
      rack (>= 0.9.1)
    rake (0.9.2.2)
    rb-fchange (0.0.5)
      ffi
    rb-fsevent (0.4.3.1)
    redcarpet (1.17.2)
    sass (3.1.12)
    syntax (1.0.0)
    term-ansicolor (1.0.7)
    thor (0.14.6)

PLATFORMS
  ruby

DEPENDENCIES
  ZURB-foundation
  compass
  foreman
  jekyll
  rack-contrib
  rake
  rb-fchange
  rb-fsevent
  redcarpet
